GEM
  remote: https://rubygems.org/
  specs:
    debase (0.2.5.beta2)
      debase-ruby_core_source (>= 0.10.12)
    debase-ruby_core_source (3.3.1)
    debug (1.9.1)
      irb (~> 1.10)
      reline (>= 0.3.8)
    io-console (0.7.2)
    irb (1.11.2)
      rdoc
      reline (>= 0.4.2)
    psych (5.1.2)
      stringio
    rake (13.1.0)
    rdoc (6.6.2)
      psych (>= 4.0.0)
    reline (0.4.3)
      io-console (~> 0.5)
    ruby-debug-ide (0.7.3)
      rake (>= 0.8.1)
    stringio (3.1.0)

PLATFORMS
  aarch64-linux

DEPENDENCIES
  debase (~> 0.2.5.beta2)
  debug (~> 1.9.0)
  ruby-debug-ide (~> 0.7.0)

BUNDLED WITH
   2.4.19
